GEM
  specs:
    colorator (1.1.0)
    forwardable-extended (2.6.0)
    jekyll (3.2.1)
      colorator (~> 1.0)
      jekyll-sass-converter (~> 1.0)
      jekyll-watch (~> 1.1)
      kramdown (~> 1.3)
      liquid (~> 3.0)
      mercenary (~> 0.3.3)
      pathutil (~> 0.9)
      rouge (~> 1.7)
      safe_yaml (~> 1.0)
    jekyll-paginate (1.1.0)
    jekyll-sass-converter (1.4.0)
    jekyll-seo-tag (1.4.0)
      jekyll (~> 3.0)
    jekyll-sitemap (0.11.0)
    jekyll-watch (1.3.1)
    kramdown (1.12.0)
    liquid (3.0.6)
    mercenary (0.3.6)
    pathutil (0.14.0)
      forwardable-extended (~> 2.6)
    rouge (1.11.1)
    safe_yaml (1.0.4)

PLATFORMS
  ruby

DEPENDENCIES
  jekyll-paginate
  jekyll-seo-tag
  jekyll-sitemap

BUNDLED WITH
   1.13.1
